GEM
  remote: https://rubygems.org/
  specs:
    ast (2.3.0)
    bacon (1.2.0)
    parallel (1.12.0)
    parser (2.4.0.0)
      ast (~> 2.2)
    powerpack (0.1.1)
    puma (3.10.0)
    rack (2.0.3)
    rainbow (2.2.2)
      rake
    rake (12.1.0)
    roda (3.1.0)
      rack
    rubocop (0.51.0)
      parallel (~> 1.10)
      parser (>= 2.3.3.1, < 3.0)
      powerpack (~> 0.1)
      rainbow (>= 2.2.2, < 3.0)
      ruby-progressbar (~> 1.7)
      unicode-display_width (~> 1.0, >= 1.0.1)
    ruby-progressbar (1.9.0)
    tilt (2.0.8)
    unicode-display_width (1.3.0)

PLATFORMS
  ruby

DEPENDENCIES
  bacon
  puma
  rake
  roda
  rubocop
  tilt

RUBY VERSION
   ruby 2.4.1p111

BUNDLED WITH
   1.15.4
