GEM
  remote: https://rubygems.org/
  specs:
    ast (2.4.0)
    bacon (1.2.0)
    jaro_winkler (1.5.3)
    nio4r (2.3.1)
    parallel (1.17.0)
    parser (2.6.3.0)
      ast (~> 2.4.0)
    puma (4.0.0)
      nio4r (~> 2.0)
    rack (2.0.8)
    rainbow (3.0.0)
    rake (12.3.2)
    roda (3.21.0)
      rack
    rubocop (0.72.0)
      jaro_winkler (~> 1.5.1)
      parallel (~> 1.10)
      parser (>= 2.6)
      rainbow (>= 2.2.2, < 4.0)
      ruby-progressbar (~> 1.7)
      unicode-display_width (>= 1.4.0, < 1.7)
    ruby-progressbar (1.10.1)
    tilt (2.0.9)
    unicode-display_width (1.6.0)

PLATFORMS
  ruby

DEPENDENCIES
  bacon
  puma
  rack (>= 2.0.6)
  rake
  roda
  rubocop
  tilt

RUBY VERSION
   ruby 2.6.1p33

BUNDLED WITH
   2.0.2
