GEM
  remote: https://rubygems.org/
  specs:
    ast (2.4.2)
    nio4r (2.5.8)
    parallel (1.20.1)
    parser (3.0.2.0)
      ast (~> 2.4.1)
    puma (5.6.2)
      nio4r (~> 2.0)
    rack (2.2.3)
    rainbow (3.0.0)
    rake (13.0.6)
    regexp_parser (2.1.1)
    rexml (3.2.5)
    roda (3.47.0)
      rack
    rubocop (1.20.0)
      parallel (~> 1.10)
      parser (>= 3.0.0.0)
      rainbow (>= 2.2.2, < 4.0)
      regexp_parser (>= 1.8, < 3.0)
      rexml
      rubocop-ast (>= 1.9.1, < 2.0)
      ruby-progressbar (~> 1.7)
      unicode-display_width (>= 1.4.0, < 3.0)
    rubocop-ast (1.11.0)
      parser (>= 3.0.1.1)
    ruby-progressbar (1.11.0)
    tilt (2.0.10)
    unicode-display_width (2.0.0)

PLATFORMS
  ruby

DEPENDENCIES
  puma (>= 5.3.1)
  rack
  rake
  rexml (>= 3.2.5)
  roda
  rubocop
  tilt

RUBY VERSION
   ruby 3.0.0p0

BUNDLED WITH
   2.2.27
